GEM
  remote: https://rubygems.org/
  specs:
    addressable (2.2.8)
    crack (0.3.1)
    diff-lcs (1.1.3)
    json (1.7.1)
    mime-types (1.18)
    rest-client (1.6.7)
      mime-types (>= 1.16)
    rspec (2.10.0)
      rspec-core (~> 2.10.0)
      rspec-expectations (~> 2.10.0)
      rspec-mocks (~> 2.10.0)
    rspec-core (2.10.0)
    rspec-expectations (2.10.0)
      diff-lcs (~> 1.1.3)
    rspec-mocks (2.10.1)
    webmock (1.8.7)
      addressable (>= 2.2.7)
      crack (>= 0.1.7)

PLATFORMS
  ruby

DEPENDENCIES
  json
  rest-client
  rspec
  webmock
